GEM
  remote: http://rubygems.org/
  specs:
    bson (1.4.0)
    bson_ext (1.4.0)
    copy (0.1.7)
      redcarpet
      sinatra (~> 1.2.6)
    mongo (1.4.0)
      bson (= 1.4.0)
    rack (1.3.4)
    redcarpet (1.17.2)
    sinatra (1.2.7)
      rack (~> 1.1)
      tilt (>= 1.2.2, < 2.0)
    tilt (1.3.3)

PLATFORMS
  ruby

DEPENDENCIES
  bson_ext
  copy
  mongo
